PATH
  remote: .
  specs:
    hanami-i18n (0.1.0)
      hanami-helpers (~> 1.1.1)

GEM
  remote: https://rubygems.org/
  specs:
    concurrent-ruby (1.0.5)
    diff-lcs (1.3)
    hanami-helpers (1.1.2)
      hanami-utils (~> 1.1)
    hanami-utils (1.1.2)
      concurrent-ruby (~> 1.0)
      transproc (~> 1.0)
    rake (10.5.0)
    rspec (3.7.0)
      rspec-core (~> 3.7.0)
      rspec-expectations (~> 3.7.0)
      rspec-mocks (~> 3.7.0)
    rspec-core (3.7.1)
      rspec-support (~> 3.7.0)
    rspec-expectations (3.7.0)
      diff-lcs (>= 1.2.0, < 2.0)
      rspec-support (~> 3.7.0)
    rspec-mocks (3.7.0)
      diff-lcs (>= 1.2.0, < 2.0)
      rspec-support (~> 3.7.0)
    rspec-support (3.7.1)
    transproc (1.0.2)

PLATFORMS
  ruby

DEPENDENCIES
  bundler (~> 1.16)
  hanami-i18n!
  rake (~> 10.0)
  rspec (~> 3.0)

BUNDLED WITH
   1.16.1
